GEM
  remote: https://rubygems.org/
  specs:
    sass (3.4.8)

PLATFORMS
  x86-mingw32

DEPENDENCIES
  sass (~> 3.4.0)
